GEM
  remote: http://rubygems.org/
  specs:
    builder (2.1.2)
    columnize (0.3.1)
    cucumber (0.6.4)
      builder (>= 2.1.2)
      diff-lcs (>= 1.1.2)
      json_pure (>= 1.2.0)
      polyglot (>= 0.2.9)
      term-ansicolor (>= 1.0.4)
      treetop (>= 1.4.2)
    diff-lcs (1.1.2)
    json_pure (1.4.6)
    linecache (0.43)
    polyglot (0.3.1)
    rspec (1.3.1)
    ruby-debug (0.10.3)
      columnize (>= 0.1)
      ruby-debug-base (~> 0.10.3.0)
    ruby-debug-base (0.10.3)
      linecache (>= 0.3)
    term-ansicolor (1.0.5)
    treetop (1.4.8)
      polyglot (>= 0.3.1)

PLATFORMS
  ruby

DEPENDENCIES
  cucumber (~> 0.6.2)
  rspec (~> 1.3.0)
  ruby-debug (~> 0.10.3)
